
GITHUB
  remote: fsprojects/FSharp.TypeProviders.StarterPack
  specs:
    src/AssemblyReader.fs (77fda2a5ce7efbcc84011210553924af5ff961b3)
    src/AssemblyReaderReflection.fs (77fda2a5ce7efbcc84011210553924af5ff961b3)
    src/ProvidedTypes.fs (77fda2a5ce7efbcc84011210553924af5ff961b3)
    src/ProvidedTypes.fsi (77fda2a5ce7efbcc84011210553924af5ff961b3)
    src/ProvidedTypesContext.fs (77fda2a5ce7efbcc84011210553924af5ff961b3)
    src/ProvidedTypesTesting.fs (77fda2a5ce7efbcc84011210553924af5ff961b3)
GROUP Build
NUGET
  remote: https://www.nuget.org/api/v2
  specs:
    FAKE (4.21.0)
    FSharp.Compiler.Service (2.0.0.6)
    FSharp.Formatting (2.14.0)
      FSharp.Compiler.Service (>= 2.0.0.3 < 2.1.0)
      FSharpVSPowerTools.Core (>= 2.3.0 < 2.4.0)
    FSharpVSPowerTools.Core (2.3.0)
      FSharp.Compiler.Service (>= 2.0.0.3)
    Microsoft.Bcl (1.1.10)
      Microsoft.Bcl.Build (>= 1.0.14)
    Microsoft.Bcl.Build (1.0.21) - import_targets: false
    Microsoft.Net.Http (2.2.29)
      Microsoft.Bcl (>= 1.1.10)
      Microsoft.Bcl.Build (>= 1.0.14)
    Octokit (0.18.0)
      Microsoft.Net.Http
    SourceLink.Fake (1.1.0)
GITHUB
  remote: fsharp/FAKE
  specs:
    modules/Octokit/Octokit.fsx (998ddffae27ce0add0d7b8634a02fb43a9f96409)
      Octokit
GROUP Test
NUGET
  remote: https://www.nuget.org/api/v2
  specs:
    NUnit (2.6.4)
    NUnit.Runners (2.6.4)
